PATH
  remote: ../rocks
  specs:
    rocks (0.0.2)
      erubis
      multi_json
      rack
      rest-client

GEM
  remote: https://rubygems.org/
  specs:
    erubis (2.7.0)
    mime-types (1.25)
    multi_json (1.7.9)
    rack (1.5.2)
    rest-client (1.6.7)
      mime-types (>= 1.16)

PLATFORMS
  ruby

DEPENDENCIES
  rocks!
